GEM
  remote: https://rubygems.org/
  specs:
    compass_rose (0.1.3)
    eventmachine (1.0.7)
    faraday (0.9.1)
      multipart-post (>= 1.2, < 3)
    faraday_middleware (0.9.1)
      faraday (>= 0.7.4, < 0.10)
    faye-websocket (0.9.2)
      eventmachine (>= 0.12.0)
      websocket-driver (>= 0.5.1)
    forecast_io (2.0.0)
      faraday
      hashie
      multi_json
    geocoder (1.2.8)
    hashie (3.4.0)
    http_router (0.11.1)
      rack (>= 1.0.0)
      url_mount (~> 0.2.1)
    i18n (0.7.0)
    ice_nine (0.11.1)
    lita (4.3.1)
      bundler (>= 1.3)
      faraday (>= 0.8.7)
      http_router (>= 0.11.1)
      i18n (>= 0.6.9)
      ice_nine (>= 0.11.0)
      multi_json (>= 1.7.7)
      puma (>= 2.7.1)
      rack (>= 1.5.2)
      rb-readline (>= 0.5.1)
      redis-namespace (>= 1.3.0)
      thor (>= 0.18.1)
    lita-ambush (1.0.1)
      lita (>= 4.2)
    lita-catfacts (0.0.4)
      lita (>= 2.3)
    lita-catgif (0.0.2)
      lita (>= 2.6)
    lita-coin (0.0.3)
      lita (>= 2.3)
    lita-dice (0.0.1)
      lita (>= 2.7)
    lita-directions (1.0.2)
      lita (>= 4.1)
      rest-client
    lita-dogebomb (1.0.0)
      lita (>= 2.0)
    lita-eightball (1.0.4)
      lita (>= 2.0)
    lita-forecast (0.1.7)
      compass_rose (~> 0.1.0)
      forecast_io (~> 2.0.0)
      geocoder (~> 1.1, >= 1.1.9)
      hashie (~> 3.0)
      lita (>= 3.0.0)
    lita-google (1.0.0)
      lita (>= 4.0)
    lita-google-images (2.0.0)
      lita (>= 4.0)
    lita-high-five (0.0.1)
      lita (>= 3.0)
    lita-pls (0.0.3)
      lita (>= 2.6)
    lita-poll (1.0.2)
      lita (>= 4.2.1)
    lita-slack (1.2.0)
      eventmachine
      faraday
      faye-websocket (>= 0.8.0)
      lita (>= 4.0.4)
      multi_json
    lita-time (0.0.1)
      lita (>= 3.3)
    lita-urban-dictionary (1.1.0)
      lita (>= 4.0)
    lita-weather (0.0.4)
      lita (>= 2.3)
    lita-wikipedia (0.0.3)
      lita (>= 3.1)
    lita-yelpme (0.1.2)
      lita (>= 3.2)
      yelp
    lita-youtube (1.0.0)
      lita (>= 4.0)
    mime-types (2.4.3)
    multi_json (1.11.0)
    multipart-post (2.0.0)
    netrc (0.10.3)
    puma (2.11.1)
      rack (>= 1.1, < 2.0)
    rack (1.6.0)
    rb-readline (0.5.2)
    redis (3.2.1)
    redis-namespace (1.5.1)
      redis (~> 3.0, >= 3.0.4)
    rest-client (1.7.3)
      mime-types (>= 1.16, < 3.0)
      netrc (~> 0.7)
    simple_oauth (0.2.0)
    thor (0.19.1)
    url_mount (0.2.1)
      rack
    websocket-driver (0.5.3)
      websocket-extensions (>= 0.1.0)
    websocket-extensions (0.1.2)
    yelp (2.0.5)
      faraday (~> 0.8, >= 0.8.0)
      faraday_middleware (~> 0.8, >= 0.8.0)
      simple_oauth (~> 0.2, >= 0.2.0, < 0.3.0)

PLATFORMS
  ruby

DEPENDENCIES
  lita
  lita-ambush
  lita-catfacts
  lita-catgif
  lita-coin
  lita-dice
  lita-directions
  lita-dogebomb
  lita-eightball
  lita-forecast
  lita-google
  lita-google-images
  lita-high-five
  lita-pls
  lita-poll
  lita-slack
  lita-time
  lita-urban-dictionary
  lita-weather
  lita-wikipedia
  lita-yelpme
  lita-youtube
